GEM
  remote: http://rubygems.org/
  specs:
    RedCloth (4.2.7)
    albino (1.3.3)
      posix-spawn (>= 0.3.6)
    classifier (1.3.3)
      fast-stemmer (>= 1.0.0)
    diff-lcs (1.1.2)
    directory_watcher (1.4.0)
    fast-stemmer (1.0.0)
    gccxml_gem (0.9.3)
    jekyll (0.11.0)
      albino (>= 1.3.2)
      classifier (>= 1.3.1)
      directory_watcher (>= 1.1.1)
      kramdown (>= 0.13.2)
      liquid (>= 1.9.0)
      maruku (>= 0.5.9)
    kramdown (0.13.3)
    liquid (2.2.2)
    maruku (0.6.0)
      syntax (>= 1.0.0)
    nokogiri (1.4.7)
    posix-spawn (0.3.6)
    rake (0.9.2)
    rbgccxml (1.0.1)
      gccxml_gem (~> 0.9)
      nokogiri (~> 1.4.0)
    rice (1.4.2)
    rspec (2.3.0)
      rspec-core (~> 2.3.0)
      rspec-expectations (~> 2.3.0)
      rspec-mocks (~> 2.3.0)
    rspec-core (2.3.1)
    rspec-expectations (2.3.0)
      diff-lcs (~> 1.1.2)
    rspec-mocks (2.3.0)
    syntax (1.0.0)

PLATFORMS
  ruby

DEPENDENCIES
  RedCloth
  jekyll
  rake
  rbgccxml (~> 1.0)
  rice (~> 1.4.0)
  rspec (~> 2.3.0)
